PATH
  remote: .
  specs:
    hacker_weather (0.1.0)
      nokogiri (~> 1.8.5)

GEM
  remote: https://rubygems.org/
  specs:
    mini_portile2 (2.3.0)
    minitest (5.14.4)
    nokogiri (1.8.5)
      mini_portile2 (~> 2.3.0)
    rake (13.0.3)

PLATFORMS
  x86_64-darwin-19

DEPENDENCIES
  hacker_weather!
  minitest (~> 5.0)
  rake (~> 13.0)

BUNDLED WITH
   2.2.16
